GEM
  remote: http://rubygems.org/
  specs:
    RedCloth (4.2.7)
    ZenTest (4.5.0)
    aaronh-chronic (0.3.9)
    abstract (1.0.0)
    actionmailer (3.0.3)
      actionpack (= 3.0.3)
      mail (~> 2.2.9)
    actionpack (3.0.3)
      activemodel (= 3.0.3)
      activesupport (= 3.0.3)
      builder (~> 2.1.2)
      erubis (~> 2.6.6)
      i18n (~> 0.4)
      rack (~> 1.2.1)
      rack-mount (~> 0.6.13)
      rack-test (~> 0.5.6)
      tzinfo (~> 0.3.23)
    activemerchant (1.12.1)
      activesupport (>= 2.3.8)
      braintree (>= 2.0.0)
      builder (>= 2.0.0)
    activemodel (3.0.3)
      activesupport (= 3.0.3)
      builder (~> 2.1.2)
      i18n (~> 0.4)
    activerecord (3.0.3)
      activemodel (= 3.0.3)
      activesupport (= 3.0.3)
      arel (~> 2.0.2)
      tzinfo (~> 0.3.23)
    activeresource (3.0.3)
      activemodel (= 3.0.3)
      activesupport (= 3.0.3)
    activesupport (3.0.3)
    arel (2.0.9)
    autotest (4.4.6)
      ZenTest (>= 4.4.1)
    barby (0.4.2)
    bcrypt-ruby (2.1.4)
    braintree (2.9.1)
      builder
    builder (2.1.2)
    cancan (1.6.4)
    capistrano (2.5.20)
      highline
      highline
      net-scp
      net-scp (>= 1.0.0)
      net-sftp
      net-sftp (>= 2.0.0)
      net-ssh (>= 2.0.14)
      net-ssh
      net-ssh-gateway
      net-ssh-gateway (>= 1.0.0)
    capybara (0.4.1.2)
      celerity (>= 0.7.9)
      culerity (>= 0.2.4)
      mime-types (>= 1.16)
      nokogiri (>= 1.3.3)
      rack (>= 1.0.0)
      rack-test (>= 0.5.4)
      selenium-webdriver (>= 0.0.27)
      xpath (~> 0.1.3)
    carrierwave (0.5.3)
      activesupport (~> 3.0)
    celerity (0.8.8)
    childprocess (0.1.8)
      ffi (~> 1.0.6)
    configuration (1.2.0)
    cucumber (0.10.2)
      builder (>= 2.1.2)
      diff-lcs (>= 1.1.2)
      gherkin (>= 2.3.5)
      json (>= 1.4.6)
      term-ansicolor (>= 1.0.5)
    cucumber-rails (0.4.0)
      cucumber (>= 0.10.1)
      nokogiri (>= 1.4.4)
      rack-test (>= 0.5.7)
    culerity (0.2.15)
    database_cleaner (0.6.6)
    devise (1.1.8)
      bcrypt-ruby (~> 2.1.2)
      warden (~> 1.0.2)
    diff-lcs (1.1.2)
    email_spec (1.1.1)
      rspec (~> 2.0)
    erubis (2.6.6)
      abstract (>= 1.0.0)
    factory_girl (2.0.0.beta2)
    factory_girl_rails (1.1.beta1)
      factory_girl (~> 2.0.0.beta)
      rails (>= 3.0.0)
    ffi (1.0.7)
      rake (>= 0.8.7)
    gherkin (2.3.5)
      json (>= 1.4.6)
    haml (3.0.25)
    highline (1.6.1)
    i18n (0.5.0)
    jasmine (1.0.1.1)
      json_pure (>= 1.4.3)
      rack (>= 1.0.0)
      rake (>= 0.8.7)
      rspec (>= 1.1.5)
      selenium-client (>= 1.2.17)
      selenium-rc (>= 2.1.0)
    json (1.5.1)
    json_pure (1.5.1)
    launchy (0.4.0)
      configuration (>= 0.0.5)
      rake (>= 0.8.1)
    mail (2.2.15)
      activesupport (>= 2.3.6)
      i18n (>= 0.4.0)
      mime-types (~> 1.16)
      treetop (~> 1.4.8)
    mime-types (1.16)
    net-scp (1.0.4)
      net-ssh (>= 1.99.1)
    net-sftp (2.0.5)
      net-ssh (>= 2.0.9)
    net-ssh (2.1.3)
    net-ssh-gateway (1.0.1)
      net-ssh (>= 1.99.1)
    nokogiri (1.4.4)
    pickle (0.4.7)
      cucumber (>= 0.8)
      rake
    polyglot (0.3.1)
    rack (1.2.2)
    rack-mount (0.6.13)
      rack (>= 1.0.0)
    rack-test (0.5.7)
      rack (>= 1.0)
    rails (3.0.3)
      actionmailer (= 3.0.3)
      actionpack (= 3.0.3)
      activerecord (= 3.0.3)
      activeresource (= 3.0.3)
      activesupport (= 3.0.3)
      bundler (~> 1.0)
      railties (= 3.0.3)
    rails-footnotes (3.7.0)
      rails (>= 3.0.0)
    railties (3.0.3)
      actionpack (= 3.0.3)
      activesupport (= 3.0.3)
      rake (>= 0.8.7)
      thor (~> 0.14.4)
    rake (0.8.7)
    recaptcha (0.3.1)
    rspec (2.5.0)
      rspec-core (~> 2.5.0)
      rspec-expectations (~> 2.5.0)
      rspec-mocks (~> 2.5.0)
    rspec-core (2.5.1)
    rspec-expectations (2.5.0)
      diff-lcs (~> 1.1.2)
    rspec-mocks (2.5.0)
    rspec-rails (2.5.0)
      actionpack (~> 3.0)
      activesupport (~> 3.0)
      railties (~> 3.0)
      rspec (~> 2.5.0)
    rubyzip (0.9.4)
    selenium-client (1.2.18)
    selenium-rc (2.3.2)
      selenium-client (>= 1.2.18)
    selenium-webdriver (0.1.4)
      childprocess (>= 0.1.7)
      ffi (>= 1.0.7)
      json_pure
      rubyzip
    spork (0.8.4)
    sqlite3 (1.3.3)
    sqlite3-ruby (1.3.3)
      sqlite3 (>= 1.3.3)
    term-ansicolor (1.0.5)
    thor (0.14.6)
    timecop (0.3.5)
    treetop (1.4.9)
      polyglot (>= 0.3.1)
    tzinfo (0.3.25)
    warden (1.0.3)
      rack (>= 1.0.0)
    webrat (0.7.3)
      nokogiri (>= 1.2.0)
      rack (>= 1.0)
      rack-test (>= 0.5.3)
    whenever (0.6.7)
      aaronh-chronic (>= 0.3.9)
      activesupport (>= 2.3.4)
    will_paginate (3.0.pre2)
    xpath (0.1.3)
      nokogiri (~> 1.3)

PLATFORMS
  ruby

DEPENDENCIES
  RedCloth
  activemerchant
  autotest
  barby
  cancan
  capistrano
  capybara
  carrierwave
  cucumber-rails
  database_cleaner
  devise
  email_spec
  factory_girl_rails (= 1.1.beta1)
  haml
  jasmine
  launchy
  pickle
  rails (= 3.0.3)
  rails-footnotes (>= 3.7)
  recaptcha
  rspec-rails
  spork
  sqlite3-ruby
  timecop
  webrat
  whenever
  will_paginate (= 3.0.pre2)
